GEM
  remote: https://rubygems.org/
  specs:
    ffaker (2.9.0)

PLATFORMS
  ruby

DEPENDENCIES
  ffaker

RUBY VERSION
   ruby 2.5.0p0

BUNDLED WITH
   1.16.1
